GEM
  remote: http://rubygems.org/
  specs:
    mustermann (1.0.0)
    r18n-core (2.1.3)
    rack (2.0.3)
    rack-protection (2.0.0)
      rack
    sinatra (2.0.0)
      mustermann (~> 1.0)
      rack (~> 2.0)
      rack-protection (= 2.0.0)
      tilt (~> 2.0)
    sinatra-r18n (2.1.3)
      r18n-core (= 2.1.3)
      sinatra (>= 1.3)
    tilt (2.0.7)

PLATFORMS
  ruby

DEPENDENCIES
  sinatra
  sinatra-r18n

BUNDLED WITH
   1.15.1
