GEM
  remote: http://rubygems.org/
  specs:
    r18n-core (0.4.10)
    rack (1.3.2)
    sinatra (1.2.6)
      rack (~> 1.1)
      tilt (>= 1.2.2, < 2.0)
    sinatra-r18n (0.4.10)
      r18n-core (= 0.4.10)
      sinatra (>= 0.9)
    tilt (1.3.2)

PLATFORMS
  ruby

DEPENDENCIES
  sinatra
  sinatra-r18n
