GEM
  remote: http://rubygems.org/
  specs:
    mustermann (1.0.2)
    r18n-core (2.2.0)
    rack (2.0.4)
    rack-protection (2.0.1)
      rack
    sinatra (2.0.1)
      mustermann (~> 1.0)
      rack (~> 2.0)
      rack-protection (= 2.0.1)
      tilt (~> 2.0)
    sinatra-r18n (2.2.0)
      r18n-core (= 2.2.0)
      sinatra (>= 1.3)
    tilt (2.0.8)

PLATFORMS
  ruby

DEPENDENCIES
  sinatra
  sinatra-r18n

BUNDLED WITH
   1.16.1
