GEM
  remote: http://rubygems.org/
  specs:
    r18n-core (2.1.3)
    rack (1.6.4)
    rack-protection (1.5.3)
      rack
    sinatra (1.4.7)
      rack (~> 1.5)
      rack-protection (~> 1.4)
      tilt (>= 1.3, < 3)
    sinatra-r18n (2.1.3)
      r18n-core (= 2.1.3)
      sinatra (>= 1.3)
    tilt (2.0.4)

PLATFORMS
  ruby

DEPENDENCIES
  sinatra
  sinatra-r18n

BUNDLED WITH
   1.12.3
