GEM
  remote: http://rubygems.org/
  specs:
    r18n-core (1.1.4)
    rack (1.5.2)
    rack-protection (1.5.0)
      rack
    sinatra (1.4.2)
      rack (~> 1.5, >= 1.5.2)
      rack-protection (~> 1.4)
      tilt (~> 1.3, >= 1.3.4)
    sinatra-r18n (1.1.4)
      r18n-core (= 1.1.4)
      sinatra (>= 1.3)
    tilt (1.4.0)

PLATFORMS
  ruby

DEPENDENCIES
  sinatra
  sinatra-r18n
